PATH
  remote: .
  specs:
    paint (0.8.2)

GEM
  remote: http://rubygems.org/
  specs:
    diff-lcs (1.1.2)
    rainbow (1.1.1)
    rake (0.9.2)
    rspec (2.6.0)
      rspec-core (~> 2.6.0)
      rspec-expectations (~> 2.6.0)
      rspec-mocks (~> 2.6.0)
    rspec-core (2.6.3)
    rspec-expectations (2.6.0)
      diff-lcs (~> 1.1.2)
    rspec-mocks (2.6.0)
    term-ansicolor (1.0.5)

PLATFORMS
  ruby

DEPENDENCIES
  paint!
  rainbow
  rake
  rspec
  rspec-core
  term-ansicolor
