PATH
  remote: .
  specs:
    paint (0.8.4)

GEM
  remote: http://rubygems.org/
  specs:
    diff-lcs (1.1.3)
    rainbow (1.1.3)
    rake (0.9.2.2)
    rspec (2.8.0)
      rspec-core (~> 2.8.0)
      rspec-expectations (~> 2.8.0)
      rspec-mocks (~> 2.8.0)
    rspec-core (2.8.0)
    rspec-expectations (2.8.0)
      diff-lcs (~> 1.1.2)
    rspec-mocks (2.8.0)
    term-ansicolor (1.0.7)

PLATFORMS
  ruby

DEPENDENCIES
  paint!
  rainbow
  rake
  rspec
  rspec-core
  term-ansicolor
